GEM
  remote: https://rubygems.org/
  specs:
    actionpack (8.0.1)
      actionview (= 8.0.1)
      activesupport (= 8.0.1)
      nokogiri (>= 1.8.5)
      rack (>= 2.2.4)
      rack-session (>= 1.0.1)
      rack-test (>= 0.6.3)
      rails-dom-testing (~> 2.2)
      rails-html-sanitizer (~> 1.6)
      useragent (~> 0.16)
    actionview (8.0.1)
      activesupport (= 8.0.1)
      builder (~> 3.1)
      erubi (~> 1.11)
      rails-dom-testing (~> 2.2)
      rails-html-sanitizer (~> 1.6)
    activesupport (8.0.1)
      base64
      benchmark (>= 0.3)
      bigdecimal
      concurrent-ruby (~> 1.0, >= 1.3.1)
      connection_pool (>= 2.2.5)
      drb
      i18n (>= 1.6, < 2)
      logger (>= 1.4.2)
      minitest (>= 5.1)
      securerandom (>= 0.3)
      tzinfo (~> 2.0, >= 2.0.5)
      uri (>= 0.13.1)
    algorithms (1.0.1)
    base64 (0.2.0)
    benchmark (0.4.0)
    bigdecimal (3.1.9)
    bitwise (0.1.2)
    builder (3.3.0)
    concurrent-ruby (1.3.5)
    connection_pool (2.5.0)
    crass (1.0.6)
    drb (2.2.1)
    erubi (1.13.1)
    fileutils (1.6.0)
    forwardable (1.3.3)
    i18n (1.14.7)
      concurrent-ruby (~> 1.0)
    logger (1.6.5)
    loofah (2.24.0)
      crass (~> 1.0.2)
      nokogiri (>= 1.12.0)
    matrix (0.4.2)
    mini_portile2 (2.8.8)
    minitest (5.25.4)
    nokogiri (1.18.2)
      mini_portile2 (~> 2.8.2)
      racc (~> 1.4)
    nokogiri (1.18.2-x86_64-linux-gnu)
      racc (~> 1.4)
    prime (0.1.3)
      forwardable
      singleton
    racc (1.8.1)
    rack (3.1.8)
    rack-session (2.1.0)
      base64 (>= 0.1.0)
      rack (>= 3.0.0)
    rack-test (2.2.0)
      rack (>= 1.3)
    rails-dom-testing (2.2.0)
      activesupport (>= 5.0.0)
      minitest
      nokogiri (>= 1.6)
    rails-html-sanitizer (1.6.2)
      loofah (~> 2.21)
      nokogiri (>= 1.15.7, != 1.16.7, != 1.16.6, != 1.16.5, != 1.16.4, != 1.16.3, != 1.16.2, != 1.16.1, != 1.16.0.rc1, != 1.16.0)
    rt-watchman (0.10.0)
      statsd-ruby (~> 1.3.0)
    securerandom (0.4.1)
    singleton (0.3.0)
    sorbet (0.5.11789)
      sorbet-static (= 0.5.11789)
    sorbet-runtime (0.5.11789)
    sorbet-static (0.5.11789-x86_64-linux)
    statsd-ruby (1.3.0)
    tzinfo (2.0.6)
      concurrent-ruby (~> 1.0)
    uri (1.0.2)
    useragent (0.16.11)
    watchman-rails (0.2.0)
      actionpack (>= 4.0)
      rt-watchman (>= 0.10.0)

PLATFORMS
  ruby
  x86_64-linux

DEPENDENCIES
  algorithms (~> 1.0.0)
  bigdecimal (~> 3.1.0)
  bitwise (~> 0.1.0)
  fileutils (~> 1.6.0)
  matrix (~> 0.4.2)
  prime (~> 0.1.0)
  sorbet
  sorbet-runtime
  watchman-rails

BUNDLED WITH
   2.6.2
